GIT
  remote: git://github.com/ruby-ldap/ruby-net-ldap.git
  revision: 8a182675f4f777fa15bdffab64ead773e034b7d0
  branch: master
  specs:
    net-ldap (0.4.0)

PATH
  remote: .
  specs:
    omniauth-ldap (1.0.3)
      net-ldap (~> 0.4.0)
      omniauth (~> 1.1.1)
      pyu-ruby-sasl (~> 0.0.3.1)
      rubyntlm (~> 0.1.1)

GEM
  remote: http://rubygems.org/
  specs:
    columnize (0.3.6)
    debugger (1.3.1)
      columnize (>= 0.3.1)
      debugger-linecache (~> 1.1.1)
      debugger-ruby_core_source (~> 1.1.8)
    debugger-linecache (1.1.2)
      debugger-ruby_core_source (>= 1.1.1)
    debugger-ruby_core_source (1.1.8)
    diff-lcs (1.1.3)
    ffi (1.0.9)
    growl (1.0.3)
    guard (0.8.8)
      thor (~> 0.14.6)
    guard-bundler (0.1.3)
      bundler (>= 1.0.0)
      guard (>= 0.2.2)
    guard-rspec (0.5.0)
      guard (>= 0.8.4)
    hashie (1.2.0)
    libnotify (0.5.7)
      ffi (= 1.0.9)
    multi_json (1.0.3)
    omniauth (1.1.3)
      hashie (~> 1.2)
      rack
    pyu-ruby-sasl (0.0.3.3)
    rack (1.3.5)
    rack-test (0.6.1)
      rack (>= 1.0)
    rake (0.9.2.2)
    rb-fsevent (0.4.3.1)
    rspec (2.7.0)
      rspec-core (~> 2.7.0)
      rspec-expectations (~> 2.7.0)
      rspec-mocks (~> 2.7.0)
    rspec-core (2.7.1)
    rspec-expectations (2.7.0)
      diff-lcs (~> 1.1.2)
    rspec-mocks (2.7.0)
    rubyntlm (0.1.1)
    simplecov (0.5.4)
      multi_json (~> 1.0.3)
      simplecov-html (~> 0.5.3)
    simplecov-html (0.5.3)
    thor (0.14.6)

PLATFORMS
  ruby

DEPENDENCIES
  debugger
  growl
  guard
  guard-bundler
  guard-rspec
  libnotify
  net-ldap!
  omniauth-ldap!
  rack-test
  rake
  rb-fsevent
  rspec (~> 2.7)
  simplecov
